PATH
  remote: .
  specs:
    meditations (1.0.0)

GEM
  remote: https://rubygems.org/
  specs:
    rake (13.0.1)

PLATFORMS
  ruby

DEPENDENCIES
  bundler (~> 1.17)
  meditations!
  rake (~> 13.0)

BUNDLED WITH
   1.17.2
